GIT
  remote: https://github.com/moonshado/moonshado-sms.git
  revision: f4f306281b51c48d7f455e1d5ae7f98f0052b9ee
  specs:
    moonshado-sms (1.1.1)
      json (>= 1.2.0)
      rest-client (>= 1.6.0)

GEM
  remote: http://rubygems.org/
  specs:
    actionmailer (2.3.5)
      actionpack (= 2.3.5)
    actionpack (2.3.5)
      activesupport (= 2.3.5)
      rack (~> 1.0.0)
    activerecord (2.3.5)
      activesupport (= 2.3.5)
    activeresource (2.3.5)
      activesupport (= 2.3.5)
    activesupport (2.3.5)
    builder (3.0.0)
    domain_name (0.5.20190701)
      unf (>= 0.0.5, < 1.0.0)
    http-accept (1.7.0)
    http-cookie (1.0.5)
      domain_name (~> 0.5)
    json (1.6.1)
    jwt (0.1.5)
      multi_json (>= 1.0)
    mime-types (3.4.1)
      mime-types-data (~> 3.2015)
    mime-types-data (3.2022.0105)
    multi_json (1.3.6)
    netrc (0.11.0)
    rack (1.0.1)
    rails (2.3.5)
      actionmailer (= 2.3.5)
      actionpack (= 2.3.5)
      activerecord (= 2.3.5)
      activeresource (= 2.3.5)
      activesupport (= 2.3.5)
      rake (>= 0.8.3)
    rake (0.9.2)
    rdoc (3.9.4)
    rest-client (2.1.0)
      http-accept (>= 1.7.0, < 2.0)
      http-cookie (>= 1.0.2, < 2.0)
      mime-types (>= 1.16, < 4.0)
      netrc (~> 0.8)
    sqlite3 (1.3.4)
    sqlite3-ruby (1.3.3)
      sqlite3 (>= 1.3.3)
    twilio-ruby (3.8.0)
      builder (>= 2.1.2)
      jwt (>= 0.1.2)
      multi_json (>= 1.3.0)
    unf (0.1.4)
      unf_ext
    unf_ext (0.0.8.2)

PLATFORMS
  ruby

DEPENDENCIES
  moonshado-sms!
  rails (= 2.3.5)
  rdoc
  sqlite3-ruby
  twilio-ruby
