GIT
  remote: http://github.com/moonshado/moonshado-sms.git
  revision: 68ca550dfc270bc6a0be899bd90a86c012537dfc
  specs:
    moonshado-sms (1.1.1.rc2)
      json (>= 1.2.0)
      rest-client (>= 1.4.0)

GEM
  remote: http://rubygems.org/
  specs:
    actionmailer (2.3.5)
      actionpack (= 2.3.5)
    actionpack (2.3.5)
      activesupport (= 2.3.5)
      rack (~> 1.0.0)
    activerecord (2.3.5)
      activesupport (= 2.3.5)
    activeresource (2.3.5)
      activesupport (= 2.3.5)
    activesupport (2.3.5)
    json (1.6.1)
    mime-types (1.16)
    rack (1.0.1)
    rails (2.3.5)
      actionmailer (= 2.3.5)
      actionpack (= 2.3.5)
      activerecord (= 2.3.5)
      activeresource (= 2.3.5)
      activesupport (= 2.3.5)
      rake (>= 0.8.3)
    rake (0.9.2)
    rest-client (1.6.7)
      mime-types (>= 1.16)
    sqlite3 (1.3.4)
    sqlite3-ruby (1.3.3)
      sqlite3 (>= 1.3.3)

PLATFORMS
  ruby

DEPENDENCIES
  moonshado-sms!
  rails (= 2.3.5)
  sqlite3-ruby
